PATH
  remote: .
  specs:
    clickhouse-client (0.0.1)
      activesupport (>= 4.0)
      faraday

GEM
  remote: https://rubygems.org/
  specs:
    activesupport (5.0.0.1)
      concurrent-ruby (~> 1.0, >= 1.0.2)
      i18n (~> 0.7)
      minitest (~> 5.1)
      tzinfo (~> 1.1)
    concurrent-ruby (1.0.2)
    faraday (0.9.2)
      multipart-post (>= 1.2, < 3)
    i18n (0.7.0)
    minitest (5.9.0)
    multipart-post (2.0.0)
    rake (10.5.0)
    thread_safe (0.3.5)
    tzinfo (1.2.2)
      thread_safe (~> 0.1)

PLATFORMS
  ruby

DEPENDENCIES
  clickhouse-client!
  minitest
  rake (~> 10.0)

BUNDLED WITH
   1.12.5
